GEM
  remote: https://rubygems.org/
  specs:
    actionmailer (4.1.16)
      actionpack (= 4.1.16)
      actionview (= 4.1.16)
      mail (~> 2.5, >= 2.5.4)
    actionpack (4.1.16)
      actionview (= 4.1.16)
      activesupport (= 4.1.16)
      rack (~> 1.5.2)
      rack-test (~> 0.6.2)
    actionview (4.1.16)
      activesupport (= 4.1.16)
      builder (~> 3.1)
      erubis (~> 2.7.0)
    activemodel (4.1.16)
      activesupport (= 4.1.16)
      builder (~> 3.1)
    activerecord (4.1.16)
      activemodel (= 4.1.16)
      activesupport (= 4.1.16)
      arel (~> 5.0.0)
    activesupport (4.1.16)
      i18n (~> 0.6, >= 0.6.9)
      json (~> 1.7, >= 1.7.7)
      minitest (~> 5.1)
      thread_safe (~> 0.1)
      tzinfo (~> 1.1)
    addressable (2.5.0)
      public_suffix (~> 2.0, >= 2.0.2)
    ansi (1.5.0)
    arel (5.0.1.20140414130214)
    autoprefixer-rails (6.7.7)
      execjs
    bcrypt (3.1.11)
    bootstrap-sass (3.3.7)
      autoprefixer-rails (>= 5.2.1)
      sass (>= 3.3.4)
    builder (3.2.3)
    capybara (2.13.0)
      addressable
      mime-types (>= 1.16)
      nokogiri (>= 1.3.3)
      rack (>= 1.0.0)
      rack-test (>= 0.5.4)
      xpath (~> 2.0)
    coderay (1.1.1)
    coffee-rails (4.0.1)
      coffee-script (>= 2.2.0)
      railties (>= 4.0.0, < 5.0)
    coffee-script (2.4.1)
      coffee-script-source
      execjs
    coffee-script-source (1.12.2)
    concurrent-ruby (1.0.5)
    erubis (2.7.0)
    execjs (2.7.0)
    font-awesome-rails (4.3.0.0)
      railties (>= 3.2, < 5.0)
    i18n (0.8.1)
    jbuilder (2.6.3)
      activesupport (>= 3.0.0, < 5.2)
      multi_json (~> 1.2)
    jquery-rails (3.1.4)
      railties (>= 3.0, < 5.0)
      thor (>= 0.14, < 2.0)
    json (1.8.6)
    mail (2.6.4)
      mime-types (>= 1.16, < 4)
    method_source (0.8.2)
    mime-types (3.1)
      mime-types-data (~> 3.2015)
    mime-types-data (3.2016.0521)
    mini_portile2 (2.1.0)
    minitest (5.10.1)
    minitest-capybara (0.8.2)
      capybara (~> 2.2)
      minitest (~> 5.0)
      rake
    minitest-metadata (0.6.0)
      minitest (>= 4.7, < 6.0)
    minitest-rails (2.2.1)
      minitest (~> 5.7)
      railties (~> 4.1)
    minitest-rails-capybara (2.1.2)
      capybara (~> 2.7)
      minitest-capybara (~> 0.8)
      minitest-metadata (~> 0.6)
      minitest-rails (~> 2.1)
    minitest-reporters (1.1.14)
      ansi
      builder
      minitest (>= 5.0)
      ruby-progressbar
    multi_json (1.12.1)
    nokogiri (1.7.0.1)
      mini_portile2 (~> 2.1.0)
    pg (0.20.0)
    pry (0.10.4)
      coderay (~> 1.1.0)
      method_source (~> 0.8.1)
      slop (~> 3.4)
    public_suffix (2.0.5)
    quiet_assets (1.1.0)
      railties (>= 3.1, < 5.0)
    rack (1.5.5)
    rack-test (0.6.3)
      rack (>= 1.0)
    rails (4.1.16)
      actionmailer (= 4.1.16)
      actionpack (= 4.1.16)
      actionview (= 4.1.16)
      activemodel (= 4.1.16)
      activerecord (= 4.1.16)
      activesupport (= 4.1.16)
      bundler (>= 1.3.0, < 2.0)
      railties (= 4.1.16)
      sprockets-rails (~> 2.0)
    rails_12factor (0.0.3)
      rails_serve_static_assets
      rails_stdout_logging
    rails_serve_static_assets (0.0.5)
    rails_stdout_logging (0.0.5)
    railties (4.1.16)
      actionpack (= 4.1.16)
      activesupport (= 4.1.16)
      rake (>= 0.8.7)
      thor (>= 0.18.1, < 2.0)
    rake (12.0.0)
    rdoc (4.3.0)
    ruby-progressbar (1.8.1)
    sass (3.4.23)
    sass-rails (5.0.6)
      railties (>= 4.0.0, < 6)
      sass (~> 3.1)
      sprockets (>= 2.8, < 4.0)
      sprockets-rails (>= 2.0, < 4.0)
      tilt (>= 1.1, < 3)
    sdoc (0.4.2)
      json (~> 1.7, >= 1.7.7)
      rdoc (~> 4.0)
    slop (3.6.0)
    sprockets (3.7.1)
      concurrent-ruby (~> 1.0)
      rack (> 1, < 3)
    sprockets-rails (2.3.3)
      actionpack (>= 3.0)
      activesupport (>= 3.0)
      sprockets (>= 2.8, < 4.0)
    sqlite3 (1.3.13)
    thor (0.19.4)
    thread_safe (0.3.6)
    tilt (2.0.6)
    turbolinks (5.0.1)
      turbolinks-source (~> 5)
    turbolinks-source (5.0.0)
    tzinfo (1.2.2)
      thread_safe (~> 0.1)
    uglifier (3.1.7)
      execjs (>= 0.3.0, < 3)
    xpath (2.0.0)
      nokogiri (~> 1.3)

PLATFORMS
  ruby

DEPENDENCIES
  bcrypt (~> 3.1.0)
  bootstrap-sass (~> 3.3.4)
  coffee-rails (~> 4.0.0)
  font-awesome-rails (~> 4.3.0.0)
  jbuilder (~> 2.0)
  jquery-rails
  minitest-rails (~> 2.0)
  minitest-rails-capybara
  minitest-reporters
  pg
  pry
  quiet_assets
  rails (= 4.1.16)
  rails_12factor
  sass-rails (~> 5.0.0)
  sdoc
  sqlite3
  turbolinks
  uglifier (>= 1.3.0)

RUBY VERSION
   ruby 2.1.10p492

BUNDLED WITH
   1.13.6
